NUGET
  remote: https://www.nuget.org/api/v2
    FAKE (4.36)
    Microsoft.Bcl (1.1.10) - framework: net10, net11, net20, net30, net35, net40, net40-full
      Microsoft.Bcl.Build (>= 1.0.14)
    Microsoft.Bcl.Build (1.0.21) - import_targets: false, framework: net10, net11, net20, net30, net35, net40, net40-full
    Microsoft.Net.Http (2.2.29) - framework: net10, net11, net20, net30, net35, net40, net40-full
      Microsoft.Bcl (>= 1.1.10)
      Microsoft.Bcl.Build (>= 1.0.14)
    Node.js (5.3)
    Npm.js (2.13.1)
      Node.js (>= 0.12.7)
    Octokit (0.21.1)
      Microsoft.Net.Http  - framework: net10, net11, net20, net30, net35, net40, net40-full
GIT
  remote: https://github.com/parthopdas/tddstud10.git
     (f8a271c58c0fc28f27189032ef5f755a34348d9e)
      build: build.cmd Build
      os: windows
     (f8a271c58c0fc28f27189032ef5f755a34348d9e)
      build: build.cmd Build
      os: mono
GITHUB
  remote: fsharp/FAKE
    modules/Octokit/Octokit.fsx (8fd20ae42c996060bc8bedb821edfb50517cdd8b)
      Octokit (>= 0.20)
  remote: Ionide/ionide-vscode-helpers
    Fable.Import.Axios.fs (5121640deaed96546e45c7bb0ad0571b2c697709)
    Fable.Import.VSCode.fs (5121640deaed96546e45c7bb0ad0571b2c697709)
    Helpers.fs (5121640deaed96546e45c7bb0ad0571b2c697709)