NUGET
  remote: https://www.nuget.org/api/v2
    FAKE (4.37.2)
    Microsoft.Bcl (1.1.10) - framework: net10, net11, net20, net30, net35, net40, net40-full
      Microsoft.Bcl.Build (>= 1.0.14)
    Microsoft.Bcl.Build (1.0.21) - import_targets: false, framework: net10, net11, net20, net30, net35, net40, net40-full
    Microsoft.Net.Http (2.2.29) - framework: net10, net11, net20, net30, net35, net40, net40-full
      Microsoft.Bcl (>= 1.1.10)
      Microsoft.Bcl.Build (>= 1.0.14)
    Node.js (5.3)
    Npm.js (2.13.1)
      Node.js (>= 0.12.7)
    Octokit (0.21.1)
      Microsoft.Net.Http  - framework: net10, net11, net20, net30, net35, net40, net40-full
  remote: https://ci.appveyor.com/nuget/tddstud10-x2rq3lcwiqxa
    TddStud10.Core (1.0.175)
GITHUB
  remote: fsharp/FAKE
    modules/Octokit/Octokit.fsx (cd7849e12cf4a6619863671828ed1b0418e90d7f)
      Octokit (>= 0.20)
  remote: Ionide/ionide-vscode-helpers
    Fable.Import.Axios.fs (318127fa718355e06b4b1c34d15d1bcaf61279bf)
    Fable.Import.VSCode.fs (318127fa718355e06b4b1c34d15d1bcaf61279bf)
    Helpers.fs (318127fa718355e06b4b1c34d15d1bcaf61279bf)